GEM
  remote: https://rubygems.org/
  specs:
    google-protobuf (3.19.4)
    rack (2.2.4)

PLATFORMS
  x86_64-linux

DEPENDENCIES
  google-protobuf
  rack

RUBY VERSION
   ruby 3.1.1p18

BUNDLED WITH
   2.3.9
