GEM
  remote: https://rubygems.org/
  specs:
    google-protobuf (3.20.0-x86_64-linux)
    rack (2.2.2)

PLATFORMS
  x86_64-linux

DEPENDENCIES
  google-protobuf
  rack

BUNDLED WITH
   2.3.9
