GEM
  remote: https://rubygems.org/
  specs:
    google-protobuf (3.19.4)

PLATFORMS
  x86_64-linux

DEPENDENCIES
  google-protobuf

BUNDLED WITH
   2.3.9
